PATH
  remote: .
  specs:
    finance (1.1.2)
      flt (>= 1.3.0)

GEM
  remote: http://rubygems.org/
  specs:
    flt (1.3.0)

PLATFORMS
  ruby

DEPENDENCIES
  finance!
